GIT
  remote: git://github.com/travis-ci/travis-core.git
  revision: 4bf74ebe0102fbb7c198f614ce1c1e968d24deac
  specs:
    travis-core (0.0.1)
      actionmailer (~> 3.1.2)
      activerecord (~> 3.1.2)
      data_migrations (~> 0.0.1)
      devise (~> 1.5.0)
      hashr (~> 0.0.19)
      hpricot (~> 0.8.4)
      oa-oauth (~> 0.3.2)
      octokit (~> 0.6.5)
      omniauth
      postmark-rails (~> 0.4.1)
      pusher (~> 0.8.5)
      rabl (~> 0.5.1)
      railties (~> 3.1.2)
      rake (~> 0.9.2.2)
      simple_states (~> 0.1.0.pre2)
      thor (~> 0.14.6)

GIT
  remote: git://github.com/travis-ci/travis-support.git
  revision: 80bb9877e760034b751751c597e0bfd92c27a4e2
  specs:
    travis-support (0.0.1)

GEM
  remote: http://rubygems.org/
  specs:
    actionmailer (3.1.3)
      actionpack (= 3.1.3)
      mail (~> 2.3.0)
    actionpack (3.1.3)
      activemodel (= 3.1.3)
      activesupport (= 3.1.3)
      builder (~> 3.0.0)
      erubis (~> 2.7.0)
      i18n (~> 0.6)
      rack (~> 1.3.5)
      rack-cache (~> 1.1)
      rack-mount (~> 0.8.2)
      rack-test (~> 0.6.1)
      sprockets (~> 2.0.3)
    activemodel (3.1.3)
      activesupport (= 3.1.3)
      builder (~> 3.0.0)
      i18n (~> 0.6)
    activerecord (3.1.3)
      activemodel (= 3.1.3)
      activesupport (= 3.1.3)
      arel (~> 2.2.1)
      tzinfo (~> 0.3.29)
    activerecord-jdbc-adapter (1.2.0)
    activerecord-jdbcpostgresql-adapter (1.2.0)
      activerecord-jdbc-adapter (~> 1.2.0)
      jdbc-postgres (~> 9.0.0)
    activesupport (3.1.3)
      multi_json (~> 1.0)
    addressable (2.2.7)
    airbrake (3.0.9)
      activesupport
      builder
    arel (2.2.1)
    bcrypt-ruby (3.0.1-java)
    bouncy-castle-java (1.5.0146.1)
    builder (3.0.0)
    crack (0.3.1)
    data_migrations (0.0.1)
      activerecord
      rake
    database_cleaner (0.6.7)
    devise (1.5.3)
      bcrypt-ruby (~> 3.0)
      orm_adapter (~> 0.0.3)
      warden (~> 1.1)
    diff-lcs (1.1.3)
    erubis (2.7.0)
    faraday (0.7.6)
      addressable (~> 2.2)
      multipart-post (~> 1.1)
      rack (~> 1.1)
    faraday_middleware (0.7.0)
      faraday (~> 0.7.3)
    hashie (1.2.0)
    hashr (0.0.19)
    hike (1.2.1)
    hot_bunnies (1.3.5-java)
    hpricot (0.8.6-java)
    i18n (0.6.0)
    jdbc-postgres (9.0.801)
    jruby-openssl (0.7.5)
      bouncy-castle-java (>= 1.5.0146.1)
    json (1.6.5-java)
    mail (2.3.0)
      i18n (>= 0.4.0)
      mime-types (~> 1.16)
      treetop (~> 1.4.8)
    metaclass (0.0.1)
    mime-types (1.17.2)
    mocha (0.10.4)
      metaclass (~> 0.0.1)
    multi_json (1.0.4)
    multi_xml (0.4.1)
    multipart-post (1.1.5)
    newrelic_rpm (3.3.1.beta1)
    oa-core (0.3.2)
    oa-oauth (0.3.2)
      faraday (~> 0.7.3)
      multi_json (~> 1.0.0)
      multi_xml (~> 0.4.0)
      oa-core (= 0.3.2)
      oauth (~> 0.4.0)
      oauth2 (~> 0.5.0)
    oauth (0.4.5)
    oauth2 (0.5.2)
      faraday (~> 0.7)
      multi_json (~> 1.0)
    octokit (0.6.5)
      addressable (~> 2.2.6)
      faraday (~> 0.7.4)
      faraday_middleware (~> 0.7.0)
      hashie (~> 1.2.0)
      multi_json (~> 1.0.2)
    omniauth (1.0.2)
      hashie (~> 1.2)
      rack
    orm_adapter (0.0.6)
    polyglot (0.3.3)
    postmark (0.9.10)
    postmark-rails (0.4.1)
      actionmailer
      postmark (>= 0.9.0)
      rake
    pusher (0.8.5)
      multi_json (~> 1.0)
      ruby-hmac (~> 0.4.0)
      signature (~> 0.1.2)
    rabl (0.5.4)
      activesupport (>= 2.3.14)
      multi_json (~> 1.0.3)
    rack (1.3.6)
    rack-cache (1.1)
      rack (>= 0.4)
    rack-mount (0.8.3)
      rack (>= 1.0.0)
    rack-ssl (1.3.2)
      rack
    rack-test (0.6.1)
      rack (>= 1.0)
    railties (3.1.3)
      actionpack (= 3.1.3)
      activesupport (= 3.1.3)
      rack-ssl (~> 1.3.2)
      rake (>= 0.8.7)
      rdoc (~> 3.4)
      thor (~> 0.14.6)
    rake (0.9.2.2)
    rdoc (3.12)
      json (~> 1.4)
    rspec (2.7.0)
      rspec-core (~> 2.7.0)
      rspec-expectations (~> 2.7.0)
      rspec-mocks (~> 2.7.0)
    rspec-core (2.7.1)
    rspec-expectations (2.7.0)
      diff-lcs (~> 1.1.2)
    rspec-mocks (2.7.0)
    ruby-hmac (0.4.0)
    signature (0.1.2)
      ruby-hmac
    simple_states (0.1.0.pre2)
      activesupport
      hashr (~> 0.0.10)
    sprockets (2.0.3)
      hike (~> 1.2)
      rack (~> 1.0)
      tilt (~> 1.1, != 1.3.0)
    thor (0.14.6)
    tilt (1.3.3)
    treetop (1.4.10)
      polyglot
      polyglot (>= 0.3.1)
    tzinfo (0.3.31)
    warden (1.1.0)
      rack (>= 1.0)
    webmock (1.7.10)
      addressable (~> 2.2, > 2.2.5)
      crack (>= 0.1.7)

PLATFORMS
  java

DEPENDENCIES
  activerecord-jdbc-adapter (= 1.2.0)
  activerecord-jdbcpostgresql-adapter (= 1.2.0)
  airbrake
  database_cleaner (~> 0.6.7)
  hot_bunnies (~> 1.3.4)
  jruby-openssl (~> 0.7.4)
  mocha (~> 0.10.0)
  newrelic_rpm (= 3.3.1.beta1)
  rspec (~> 2.7.0)
  travis-core!
  travis-support!
  webmock (~> 1.7.7)
